GEM
  remote: https://rubygems.org/
  specs:
    coderay (1.1.3)
    htmlentities (4.3.4)
    method_source (1.0.0)
    nokogiri (1.12.3-x86_64-linux)
      racc (~> 1.4)
    open-uri (0.1.0)
    pry (0.14.1)
      coderay (~> 1.1)
      method_source (~> 1.0)
    racc (1.5.2)

PLATFORMS
  x86_64-linux

DEPENDENCIES
  htmlentities (~> 4.3, >= 4.3.4)
  nokogiri
  open-uri
  pry

BUNDLED WITH
   2.2.25
